!INTERFILE  :=
!imaging modality := PT
originating system := double_ring_prototype
!version of keys := STIR6.0
name of data file := sens.v
!GENERAL DATA :=
!GENERAL IMAGE DATA :=
!type of data := PET
imagedata byte order := LITTLEENDIAN
number of radionuclides := 1
radionuclide name[1] := ^18^Fluorine
radionuclide halflife (sec)[1] := 6584.04
radionuclide branching factor[1] := 0.9686
!PET STUDY (General) :=
!PET data type := Image
process status := Reconstructed
!number format := float
!number of bytes per pixel := 4
number of dimensions := 3
matrix axis label [1] := x
!matrix size [1] := 241
scaling factor (mm/pixel) [1] := 0.25
matrix axis label [2] := y
!matrix size [2] := 241
scaling factor (mm/pixel) [2] := 0.25
matrix axis label [3] := z
!matrix size [3] := 160
scaling factor (mm/pixel) [3] := 0.65
first pixel offset (mm) [1] := -30
first pixel offset (mm) [2] := -30
first pixel offset (mm) [3] := 0
number of time frames := 1
!END OF INTERFILE :=
